GEM
  remote: https://rubygems.org/
  specs:
    packetfu (1.1.13)
      pcaprub
    pcaprub (0.12.4)

PLATFORMS
  ruby

DEPENDENCIES
  packetfu

BUNDLED WITH
   1.16.1
