GEM
  remote: https://rubygems.org/
  specs:
    bindata (2.4.10)
    packetfu (1.1.13)
      pcaprub
    pcaprub (0.12.4)

PLATFORMS
  ruby

DEPENDENCIES
  bindata
  packetfu

BUNDLED WITH
   1.16.1
